GEM
  remote: https://rubygems.org/
  specs:
    byebug (11.1.3)
    concurrent-ruby (1.1.6)
    dry-cli (0.6.0)
      concurrent-ruby (~> 1.0)
    test_bench (1.2.0.0)
      test_bench-fixture (>= 1.0.0.0)
    test_bench-fixture (1.2.1.0)
    value_semantics (3.3.0)

PLATFORMS
  ruby

DEPENDENCIES
  byebug
  dry-cli
  test_bench
  value_semantics

BUNDLED WITH
   2.1.4
