GIT
  remote: https://github.com/tomdalling/nodoor.git
  revision: cc82d49b11561c5157386c6ed713a11064b06b7a
  branch: main
  specs:
    nodoor (0.1.0)
      dry-cli
      zeitwerk

GIT
  remote: https://github.com/tomdalling/value_semantics.git
  revision: 209069ad7b3ad42f3bdbc9c4ed556dac21693f3d
  specs:
    value_semantics (3.6.1)

GEM
  remote: https://rubygems.org/
  specs:
    addressable (2.8.0)
      public_suffix (>= 2.0.2, < 5.0)
    byebug (11.1.3)
    dry-cli (0.7.0)
    faraday (1.5.1)
      faraday-em_http (~> 1.0)
      faraday-em_synchrony (~> 1.0)
      faraday-excon (~> 1.1)
      faraday-httpclient (~> 1.0.1)
      faraday-net_http (~> 1.0)
      faraday-net_http_persistent (~> 1.1)
      faraday-patron (~> 1.0)
      multipart-post (>= 1.2, < 3)
      ruby2_keywords (>= 0.0.4)
    faraday-em_http (1.0.0)
    faraday-em_synchrony (1.0.0)
    faraday-excon (1.1.0)
    faraday-httpclient (1.0.1)
    faraday-net_http (1.0.1)
    faraday-net_http_persistent (1.2.0)
    faraday-patron (1.0.0)
    faraday_middleware (1.0.0)
      faraday (~> 1.0)
    io-like (0.3.1)
    memery (1.4.1)
      ruby2_keywords (~> 0.0.2)
    multipart-post (2.1.1)
    pastel (0.8.0)
      tty-color (~> 0.5)
    public_suffix (4.0.6)
    ruby2_keywords (0.0.5)
    test_bench (1.2.0.8)
      test_bench-fixture (>= 1.0.0.0)
    test_bench-fixture (1.4.0.0)
    tty-color (0.6.0)
    tty-cursor (0.7.1)
    tty-prompt (0.23.1)
      pastel (~> 0.8)
      tty-reader (~> 0.8)
    tty-reader (0.9.0)
      tty-cursor (~> 0.7)
      tty-screen (~> 0.8)
      wisper (~> 2.0)
    tty-screen (0.8.1)
    vcr (6.0.0)
    wisper (2.0.1)
    zeitwerk (2.4.2)

PLATFORMS
  ruby

DEPENDENCIES
  addressable
  byebug
  dry-cli
  faraday
  faraday_middleware
  io-like
  memery
  nodoor!
  test_bench
  tty-prompt
  value_semantics!
  vcr
  zeitwerk

BUNDLED WITH
   2.7.1
