GIT
  remote: https://github.com/tomdalling/value_semantics.git
  revision: 5ea3f40f1a324332a5454115a9445c0f7f3a5b0e
  specs:
    value_semantics (3.5.0)

GEM
  remote: https://rubygems.org/
  specs:
    addressable (2.7.0)
      public_suffix (>= 2.0.2, < 5.0)
    byebug (11.1.3)
    concurrent-ruby (1.1.6)
    dry-cli (0.6.0)
      concurrent-ruby (~> 1.0)
    faraday (1.0.1)
      multipart-post (>= 1.2, < 3)
    faraday_middleware (1.0.0)
      faraday (~> 1.0)
    io-like (0.3.1)
    multipart-post (2.1.1)
    pastel (0.8.0)
      tty-color (~> 0.5)
    public_suffix (4.0.5)
    test_bench (1.2.0.0)
      test_bench-fixture (>= 1.0.0.0)
    test_bench-fixture (1.2.2.0)
    tty-color (0.5.2)
    tty-cursor (0.7.1)
    tty-prompt (0.22.0)
      pastel (~> 0.8)
      tty-reader (~> 0.8)
    tty-reader (0.8.0)
      tty-cursor (~> 0.7)
      tty-screen (~> 0.8)
      wisper (~> 2.0)
    tty-screen (0.8.1)
    vcr (6.0.0)
    wisper (2.0.1)
    zeitwerk (2.4.0)

PLATFORMS
  ruby

DEPENDENCIES
  addressable
  byebug
  dry-cli
  faraday
  faraday_middleware
  io-like
  test_bench
  tty-prompt
  value_semantics!
  vcr
  zeitwerk

BUNDLED WITH
   2.1.4
