GEM
  remote: https://rubygems.org/
  specs:
    addressable (2.7.0)
      public_suffix (>= 2.0.2, < 5.0)
    byebug (11.1.3)
    concurrent-ruby (1.1.6)
    dry-cli (0.6.0)
      concurrent-ruby (~> 1.0)
    faraday (1.0.1)
      multipart-post (>= 1.2, < 3)
    faraday_middleware (1.0.0)
      faraday (~> 1.0)
    multipart-post (2.1.1)
    public_suffix (4.0.5)
    test_bench (1.2.0.0)
      test_bench-fixture (>= 1.0.0.0)
    test_bench-fixture (1.2.2.0)
    value_semantics (3.5.0)
    vcr (6.0.0)
    zeitwerk (2.4.0)

PLATFORMS
  ruby

DEPENDENCIES
  addressable
  byebug
  dry-cli
  faraday
  faraday_middleware
  test_bench
  value_semantics
  vcr
  zeitwerk

BUNDLED WITH
   2.1.4
